GEM
  remote: http://rubygems.org/
  remote: http://rubygems.torquebox.org/
  specs:
    haml (3.0.25)
    json_pure (1.5.1)
    org.torquebox.rake-support (1.0.0.CR1)
    org.torquebox.torquebox-container-foundation (1.0.0.CR1-java)
    org.torquebox.torquebox-messaging-client (1.0.0.CR1-java)
      org.torquebox.torquebox-naming-client (= 1.0.0.CR1)
    org.torquebox.torquebox-messaging-container (1.0.0.CR1-java)
      org.torquebox.torquebox-container-foundation (= 1.0.0.CR1)
      org.torquebox.torquebox-naming-client (= 1.0.0.CR1)
    org.torquebox.torquebox-naming-client (1.0.0.CR1-java)
    org.torquebox.torquebox-naming-container (1.0.0.CR1-java)
      org.torquebox.torquebox-container-foundation (= 1.0.0.CR1)
      org.torquebox.torquebox-naming-client (= 1.0.0.CR1)
    org.torquebox.vfs (1.0.0.CR1)
    rack (1.2.1)
    rake (0.8.7)
    sinatra (1.1.2)
      rack (~> 1.1)
      tilt (~> 1.2)
    tilt (1.2.2)

PLATFORMS
  java

DEPENDENCIES
  bundler
  haml (~> 3.0)
  json_pure
  org.torquebox.rake-support (= 1.0.0.CR1)
  org.torquebox.torquebox-container-foundation (= 1.0.0.CR1)
  org.torquebox.torquebox-messaging-client (= 1.0.0.CR1)
  org.torquebox.torquebox-messaging-container (= 1.0.0.CR1)
  org.torquebox.torquebox-naming-client (= 1.0.0.CR1)
  org.torquebox.torquebox-naming-container (= 1.0.0.CR1)
  org.torquebox.vfs (= 1.0.0.CR1)
  rake
  sinatra (= 1.1.2)
