GEM
  remote: http://rubygems.org/
  specs:
    addressable (2.2.5)
    akephalos (0.2.5-java)
      capybara (~> 0.4.0)
    backports (2.1.0)
    bcrypt-ruby (2.1.4-java)
    capybara (0.4.1.2)
      celerity (>= 0.7.9)
      culerity (>= 0.2.4)
      mime-types (>= 1.16)
      nokogiri (>= 1.3.3)
      rack (>= 1.0.0)
      rack-test (>= 0.5.4)
      selenium-webdriver (>= 0.0.27)
      xpath (~> 0.1.3)
    celerity (0.8.9)
    childprocess (0.1.8)
      ffi (~> 1.0.6)
    culerity (0.2.15)
    data_mapper (1.1.0)
      dm-aggregates (= 1.1.0)
      dm-constraints (= 1.1.0)
      dm-core (= 1.1.0)
      dm-migrations (= 1.1.0)
      dm-serializer (= 1.1.0)
      dm-timestamps (= 1.1.0)
      dm-transactions (= 1.1.0)
      dm-types (= 1.1.0)
      dm-validations (= 1.1.0)
    data_objects (0.10.5)
      addressable (~> 2.1)
    diff-lcs (1.1.2)
    dm-aggregates (1.1.0)
      dm-core (~> 1.1.0)
    dm-constraints (1.1.0)
      dm-core (~> 1.1.0)
    dm-core (1.1.0)
      addressable (~> 2.2.4)
    dm-do-adapter (1.1.0)
      data_objects (~> 0.10.2)
      dm-core (~> 1.1.0)
    dm-migrations (1.1.0)
      dm-core (~> 1.1.0)
    dm-observer (1.1.0)
      dm-core (~> 1.1.0)
    dm-postgres-adapter (1.1.0)
      dm-do-adapter (~> 1.1.0)
      do_postgres (~> 0.10.2)
    dm-serializer (1.1.0)
      dm-core (~> 1.1.0)
      fastercsv (~> 1.5.4)
      json (~> 1.4.6)
    dm-sqlite-adapter (1.1.0)
      dm-do-adapter (~> 1.1.0)
      do_sqlite3 (~> 0.10.2)
    dm-timestamps (1.1.0)
      dm-core (~> 1.1.0)
    dm-transactions (1.1.0)
      dm-core (~> 1.1.0)
    dm-types (1.1.0)
      bcrypt-ruby (~> 2.1.4)
      dm-core (~> 1.1.0)
      fastercsv (~> 1.5.4)
      json (~> 1.4.6)
      stringex (~> 1.2.0)
      uuidtools (~> 2.1.2)
    dm-validations (1.1.0)
      dm-core (~> 1.1.0)
    do_jdbc (0.10.5-java)
      data_objects (= 0.10.5)
    do_postgres (0.10.5-java)
      data_objects (= 0.10.5)
      do_jdbc (= 0.10.5)
      jdbc-postgres (>= 8.2)
    do_sqlite3 (0.10.5-java)
      data_objects (= 0.10.5)
      do_jdbc (= 0.10.5)
      jdbc-sqlite3 (>= 3.5.8)
    extlib (0.9.15)
    fastercsv (1.5.4)
    ffi (1.0.7-java)
    git (1.2.5)
    haml (3.1.1)
    jdbc-postgres (9.0.801)
    jdbc-sqlite3 (3.6.14.2.056-java)
    jeweler (1.6.0)
      bundler (~> 1.0.0)
      git (>= 1.2.5)
      rake
    json (1.4.6-java)
    json_pure (1.5.1)
    mime-types (1.16)
    monkey-lib (0.5.4)
      backports
    nokogiri (1.4.4.2-java)
      weakling (>= 0.0.3)
    rack (1.2.2)
    rack-flash (0.1.1)
      rack
    rack-test (0.6.0)
      rack (>= 1.0)
    rake (0.8.7)
    rspec (2.5.0)
      rspec-core (~> 2.5.0)
      rspec-expectations (~> 2.5.0)
      rspec-mocks (~> 2.5.0)
    rspec-core (2.5.2)
    rspec-expectations (2.5.0)
      diff-lcs (~> 1.1.2)
    rspec-mocks (2.5.0)
    rubyzip (0.9.4)
    sass (3.1.1)
    selenium-webdriver (0.2.0)
      childprocess (>= 0.1.7)
      ffi (>= 1.0.7)
      json_pure
      rubyzip
    sinatra (1.1.2)
      rack (~> 1.1)
      tilt (~> 1.2)
    sinatra-advanced-routes (0.5.1)
      monkey-lib (~> 0.5.0)
      sinatra (~> 1.0)
      sinatra-sugar (~> 0.5.0)
    sinatra-reloader (0.5.0)
      sinatra (~> 1.0)
      sinatra-advanced-routes (~> 0.5.0)
    sinatra-sugar (0.5.1)
      monkey-lib (~> 0.5.0)
      sinatra (~> 1.0)
    sqlite3 (1.3.3)
    state_machine (0.10.4)
    stringex (1.2.1)
    thor (0.14.6)
    tilt (1.3)
    torquebox (1.0.0)
      torquebox-base (= 1.0.0)
      torquebox-messaging (= 1.0.0)
      torquebox-naming (= 1.0.0)
      torquebox-rake-support (= 1.0.0)
      torquebox-vfs (= 1.0.0)
      torquebox-web (= 1.0.0)
    torquebox-base (1.0.0-java)
    torquebox-messaging (1.0.0-java)
      torquebox-base (= 1.0.0)
      torquebox-naming (= 1.0.0)
    torquebox-naming (1.0.0-java)
    torquebox-rake-support (1.0.0)
    torquebox-vfs (1.0.0-java)
    torquebox-web (1.0.0-java)
    torquespec (0.0.6)
      rspec
    uuidtools (2.1.2)
    weakling (0.0.4-java)
    xpath (0.1.4)
      nokogiri (~> 1.3)

PLATFORMS
  java

DEPENDENCIES
  akephalos
  bundler
  capybara
  data_mapper (~> 1.1)
  dm-core (~> 1.1)
  dm-migrations (~> 1.1)
  dm-observer (~> 1.1)
  dm-postgres-adapter (~> 1.1)
  dm-sqlite-adapter
  dm-timestamps (~> 1.1)
  extlib
  git
  haml (~> 3.0)
  jeweler
  json_pure
  rack-flash (= 0.1.1)
  rack-test
  rake
  rspec
  sass (~> 3.1)
  sinatra (= 1.1.2)
  sinatra-reloader (= 0.5.0)
  sqlite3
  state_machine
  thor
  torquebox (= 1.0.0)
  torquespec
