GEM
  remote: http://rubygems.org/
  remote: http://rubygems.torquebox.org/
  specs:
    addressable (2.2.4)
    data_objects (0.10.3)
      addressable (~> 2.1)
    dm-core (1.0.2)
      addressable (~> 2.2)
      extlib (~> 0.9.15)
    dm-do-adapter (1.0.2)
      data_objects (~> 0.10.2)
      dm-core (~> 1.0.2)
    dm-migrations (1.0.2)
      dm-core (~> 1.0.2)
    dm-observer (1.0.2)
      dm-core (~> 1.0.2)
    dm-postgres-adapter (1.0.2)
      dm-do-adapter (~> 1.0.2)
      do_postgres (~> 0.10.2)
    dm-timestamps (1.0.2)
      dm-core (~> 1.0.2)
    do_jdbc (0.10.3-java)
      data_objects (= 0.10.3)
    do_postgres (0.10.3-java)
      data_objects (= 0.10.3)
      do_jdbc (= 0.10.3)
      jdbc-postgres (>= 8.2)
    extlib (0.9.15)
    git (1.2.5)
    haml (3.0.25)
    jdbc-postgres (9.0.801)
    json_pure (1.5.1)
    org.torquebox.rake-support (1.0.0.CR1)
    org.torquebox.torquebox-container-foundation (1.0.0.CR1-java)
    org.torquebox.torquebox-messaging-client (1.0.0.CR1-java)
      org.torquebox.torquebox-naming-client (= 1.0.0.CR1)
    org.torquebox.torquebox-messaging-container (1.0.0.CR1-java)
      org.torquebox.torquebox-container-foundation (= 1.0.0.CR1)
      org.torquebox.torquebox-naming-client (= 1.0.0.CR1)
    org.torquebox.torquebox-naming-client (1.0.0.CR1-java)
    org.torquebox.torquebox-naming-container (1.0.0.CR1-java)
      org.torquebox.torquebox-container-foundation (= 1.0.0.CR1)
      org.torquebox.torquebox-naming-client (= 1.0.0.CR1)
    org.torquebox.vfs (1.0.0.CR1)
    rack (1.2.1)
    rake (0.8.7)
    sinatra (1.1.2)
      rack (~> 1.1)
      tilt (~> 1.2)
    state_machine (0.9.4)
    tilt (1.2.2)

PLATFORMS
  java

DEPENDENCIES
  bundler
  dm-core
  dm-migrations
  dm-observer
  dm-postgres-adapter
  dm-timestamps
  git
  haml (~> 3.0)
  json_pure
  org.torquebox.rake-support (= 1.0.0.CR1)
  org.torquebox.torquebox-container-foundation (= 1.0.0.CR1)
  org.torquebox.torquebox-messaging-client (= 1.0.0.CR1)
  org.torquebox.torquebox-messaging-container (= 1.0.0.CR1)
  org.torquebox.torquebox-naming-client (= 1.0.0.CR1)
  org.torquebox.torquebox-naming-container (= 1.0.0.CR1)
  org.torquebox.vfs (= 1.0.0.CR1)
  rake
  sinatra (= 1.1.2)
  state_machine
