GEM
  remote: http://rubygems.org/
  specs:
    addressable (2.2.8)
    akephalos (0.2.5)
      capybara (~> 0.4.0)
      jruby-jars
    akephalos (0.2.5-java)
      capybara (~> 0.4.0)
    backports (2.6.5)
    bcrypt-ruby (3.0.1)
    bcrypt-ruby (3.0.1-java)
    capybara (0.4.1.2)
      celerity (>= 0.7.9)
      culerity (>= 0.2.4)
      mime-types (>= 1.16)
      nokogiri (>= 1.3.3)
      rack (>= 1.0.0)
      rack-test (>= 0.5.4)
      selenium-webdriver (>= 0.0.27)
      xpath (~> 0.1.3)
    celerity (0.9.2)
    childprocess (0.3.6)
      ffi (~> 1.0, >= 1.0.6)
    culerity (0.2.15)
    data_mapper (1.2.0)
      dm-aggregates (~> 1.2.0)
      dm-constraints (~> 1.2.0)
      dm-core (~> 1.2.0)
      dm-migrations (~> 1.2.0)
      dm-serializer (~> 1.2.0)
      dm-timestamps (~> 1.2.0)
      dm-transactions (~> 1.2.0)
      dm-types (~> 1.2.0)
      dm-validations (~> 1.2.0)
    data_objects (0.10.11)
      addressable (~> 2.1)
    diff-lcs (1.1.3)
    dm-aggregates (1.2.0)
      dm-core (~> 1.2.0)
    dm-constraints (1.2.0)
      dm-core (~> 1.2.0)
    dm-core (1.2.0)
      addressable (~> 2.2.6)
    dm-do-adapter (1.2.0)
      data_objects (~> 0.10.6)
      dm-core (~> 1.2.0)
    dm-migrations (1.2.0)
      dm-core (~> 1.2.0)
    dm-observer (1.2.0)
      dm-core (~> 1.2.0)
    dm-postgres-adapter (1.2.0)
      dm-do-adapter (~> 1.2.0)
      do_postgres (~> 0.10.6)
    dm-serializer (1.2.2)
      dm-core (~> 1.2.0)
      fastercsv (~> 1.5)
      json (~> 1.6)
      json_pure (~> 1.6)
      multi_json (~> 1.0)
    dm-sqlite-adapter (1.2.0)
      dm-do-adapter (~> 1.2.0)
      do_sqlite3 (~> 0.10.6)
    dm-timestamps (1.2.0)
      dm-core (~> 1.2.0)
    dm-transactions (1.2.0)
      dm-core (~> 1.2.0)
    dm-types (1.2.2)
      bcrypt-ruby (~> 3.0)
      dm-core (~> 1.2.0)
      fastercsv (~> 1.5)
      json (~> 1.6)
      multi_json (~> 1.0)
      stringex (~> 1.4)
      uuidtools (~> 2.1)
    dm-validations (1.2.0)
      dm-core (~> 1.2.0)
    do_jdbc (0.10.11-java)
      data_objects (= 0.10.11)
    do_postgres (0.10.11)
      data_objects (= 0.10.11)
    do_postgres (0.10.11-java)
      data_objects (= 0.10.11)
      do_jdbc (= 0.10.11)
      jdbc-postgres (>= 8.2)
    do_sqlite3 (0.10.11)
      data_objects (= 0.10.11)
    do_sqlite3 (0.10.11-java)
      data_objects (= 0.10.11)
      do_jdbc (= 0.10.11)
      jdbc-sqlite3 (>= 3.5.8)
    extlib (0.9.15)
    fastercsv (1.5.5)
    ffi (1.2.0)
    ffi (1.2.0-java)
    git (1.2.5)
    haml (3.1.7)
    jdbc-postgres (9.2.1002)
    jdbc-sqlite3 (3.7.2)
    jeweler (1.8.4)
      bundler (~> 1.0)
      git (>= 1.2.5)
      rake
      rdoc
    jruby-jars (1.7.1)
    json (1.7.6)
    json (1.7.6-java)
    json_pure (1.7.6)
    libwebsocket (0.1.7.1)
      addressable
      websocket
    mime-types (1.19)
    monkey-lib (0.5.4)
      backports
    multi_json (1.5.0)
    nokogiri (1.5.6)
    nokogiri (1.5.6-java)
    rack (1.4.1)
    rack-flash (0.1.1)
      rack
    rack-test (0.6.2)
      rack (>= 1.0)
    rake (10.0.3)
    rdoc (3.12)
      json (~> 1.4)
    rspec (2.12.0)
      rspec-core (~> 2.12.0)
      rspec-expectations (~> 2.12.0)
      rspec-mocks (~> 2.12.0)
    rspec-core (2.12.2)
    rspec-expectations (2.12.1)
      diff-lcs (~> 1.1.3)
    rspec-mocks (2.12.1)
    rubyzip (0.9.9)
    sass (3.2.4)
    selenium-webdriver (2.27.2)
      childprocess (>= 0.2.5)
      libwebsocket (~> 0.1.3)
      multi_json (~> 1.0)
      rubyzip
    sinatra (1.1.2)
      rack (~> 1.1)
      tilt (~> 1.2)
    sinatra-advanced-routes (0.5.1)
      monkey-lib (~> 0.5.0)
      sinatra (~> 1.0)
      sinatra-sugar (~> 0.5.0)
    sinatra-reloader (0.5.0)
      sinatra (~> 1.0)
      sinatra-advanced-routes (~> 0.5.0)
    sinatra-sugar (0.5.1)
      monkey-lib (~> 0.5.0)
      sinatra (~> 1.0)
    state_machine (1.1.2)
    stringex (1.5.1)
    thor (0.16.0)
    tilt (1.3.3)
    torquebox (1.0.0)
      torquebox-base (= 1.0.0)
      torquebox-messaging (= 1.0.0)
      torquebox-naming (= 1.0.0)
      torquebox-rake-support (= 1.0.0)
      torquebox-vfs (= 1.0.0)
      torquebox-web (= 1.0.0)
    torquebox-base (1.0.0-java)
    torquebox-messaging (1.0.0-java)
      torquebox-base (= 1.0.0)
      torquebox-naming (= 1.0.0)
    torquebox-naming (1.0.0-java)
    torquebox-rake-support (1.0.0)
    torquebox-vfs (1.0.0-java)
    torquebox-web (1.0.0-java)
    torquespec (0.6.0)
      json
      rspec
    uuidtools (2.1.3)
    websocket (1.0.6)
    xpath (0.1.4)
      nokogiri (~> 1.3)

PLATFORMS
  java
  ruby

DEPENDENCIES
  akephalos
  bundler
  capybara
  data_mapper (~> 1.1)
  dm-core (~> 1.1)
  dm-migrations (~> 1.1)
  dm-observer (~> 1.1)
  dm-postgres-adapter (~> 1.1)
  dm-sqlite-adapter
  dm-timestamps (~> 1.1)
  extlib
  git
  haml (~> 3.0)
  jeweler
  json_pure
  rack-flash (= 0.1.1)
  rack-test
  rake
  rspec
  sass (~> 3.1)
  sinatra (= 1.1.2)
  sinatra-reloader (= 0.5.0)
  state_machine
  thor
  torquebox (= 1.0.0)
  torquespec
