GEM
  remote: http://rubygems.org/
  specs:
    addressable (2.2.5)
    backports (2.0.3)
    bcrypt-ruby (2.1.4-java)
    data_mapper (1.1.0)
      dm-aggregates (= 1.1.0)
      dm-constraints (= 1.1.0)
      dm-core (= 1.1.0)
      dm-migrations (= 1.1.0)
      dm-serializer (= 1.1.0)
      dm-timestamps (= 1.1.0)
      dm-transactions (= 1.1.0)
      dm-types (= 1.1.0)
      dm-validations (= 1.1.0)
    data_objects (0.10.3)
      addressable (~> 2.1)
    diff-lcs (1.1.2)
    dm-aggregates (1.1.0)
      dm-core (~> 1.1.0)
    dm-constraints (1.1.0)
      dm-core (~> 1.1.0)
    dm-core (1.1.0)
      addressable (~> 2.2.4)
    dm-do-adapter (1.1.0)
      data_objects (~> 0.10.2)
      dm-core (~> 1.1.0)
    dm-migrations (1.1.0)
      dm-core (~> 1.1.0)
    dm-observer (1.1.0)
      dm-core (~> 1.1.0)
    dm-postgres-adapter (1.1.0)
      dm-do-adapter (~> 1.1.0)
      do_postgres (~> 0.10.2)
    dm-serializer (1.1.0)
      dm-core (~> 1.1.0)
      fastercsv (~> 1.5.4)
      json (~> 1.4.6)
    dm-timestamps (1.1.0)
      dm-core (~> 1.1.0)
    dm-transactions (1.1.0)
      dm-core (~> 1.1.0)
    dm-types (1.1.0)
      bcrypt-ruby (~> 2.1.4)
      dm-core (~> 1.1.0)
      fastercsv (~> 1.5.4)
      json (~> 1.4.6)
      stringex (~> 1.2.0)
      uuidtools (~> 2.1.2)
    dm-validations (1.1.0)
      dm-core (~> 1.1.0)
    do_jdbc (0.10.3-java)
      data_objects (= 0.10.3)
    do_postgres (0.10.3-java)
      data_objects (= 0.10.3)
      do_jdbc (= 0.10.3)
      jdbc-postgres (>= 8.2)
    extlib (0.9.15)
    fastercsv (1.5.4)
    git (1.2.5)
    haml (3.0.25)
    jdbc-postgres (9.0.801)
    jeweler (1.5.2)
      bundler (~> 1.0.0)
      git (>= 1.2.5)
      rake
    json (1.4.6-java)
    json_pure (1.5.1)
    monkey-lib (0.5.4)
      backports
    rack (1.2.2)
    rack-flash (0.1.1)
      rack
    rack-test (0.5.7)
      rack (>= 1.0)
    rake (0.8.7)
    rspec (2.5.0)
      rspec-core (~> 2.5.0)
      rspec-expectations (~> 2.5.0)
      rspec-mocks (~> 2.5.0)
    rspec-core (2.5.1)
    rspec-expectations (2.5.0)
      diff-lcs (~> 1.1.2)
    rspec-mocks (2.5.0)
    sinatra (1.1.2)
      rack (~> 1.1)
      tilt (~> 1.2)
    sinatra-advanced-routes (0.5.1)
      monkey-lib (~> 0.5.0)
      sinatra (~> 1.0)
      sinatra-sugar (~> 0.5.0)
    sinatra-reloader (0.5.0)
      sinatra (~> 1.0)
      sinatra-advanced-routes (~> 0.5.0)
    sinatra-sugar (0.5.0)
      monkey-lib (~> 0.5.0)
      sinatra (~> 1.0)
    state_machine (0.10.3)
    stringex (1.2.1)
    thor (0.14.6)
    tilt (1.2.2)
    torquebox (1.0.0.CR2)
      torquebox-base (= 1.0.0.CR2)
      torquebox-messaging (= 1.0.0.CR2)
      torquebox-naming (= 1.0.0.CR2)
      torquebox-rake-support (= 1.0.0.CR2)
      torquebox-vfs (= 1.0.0.CR2)
      torquebox-web (= 1.0.0.CR2)
    torquebox-base (1.0.0.CR2-java)
    torquebox-messaging (1.0.0.CR2-java)
      torquebox-base (= 1.0.0.CR2)
      torquebox-naming (= 1.0.0.CR2)
    torquebox-naming (1.0.0.CR2-java)
    torquebox-rake-support (1.0.0.CR2)
    torquebox-vfs (1.0.0.CR2-java)
    torquebox-web (1.0.0.CR2-java)
    uuidtools (2.1.2)

PLATFORMS
  java

DEPENDENCIES
  bundler
  data_mapper (~> 1.1)
  dm-core (~> 1.1)
  dm-migrations (~> 1.1)
  dm-observer (~> 1.1)
  dm-postgres-adapter (~> 1.1)
  dm-timestamps (~> 1.1)
  extlib
  git
  haml (~> 3.0)
  jeweler
  json_pure
  rack-flash (= 0.1.1)
  rack-test
  rake
  rspec
  sinatra (= 1.1.2)
  sinatra-reloader (= 0.5.0)
  state_machine
  thor
  torquebox (= 1.0.0.CR2)
