GEM
  remote: http://rubygems.org/
  remote: http://torquebox.org/2x/builds/LATEST/gem-repo/
  specs:
    addressable (2.2.6)
    akephalos (0.2.5-java)
      capybara (~> 0.4.0)
    bcrypt-ruby (2.1.4-java)
    blankslate (2.1.2.4)
    capybara (0.4.1.2)
      celerity (>= 0.7.9)
      culerity (>= 0.2.4)
      mime-types (>= 1.16)
      nokogiri (>= 1.3.3)
      rack (>= 1.0.0)
      rack-test (>= 0.5.4)
      selenium-webdriver (>= 0.0.27)
      xpath (~> 0.1.3)
    celerity (0.9.0)
    childprocess (0.2.2)
      ffi (~> 1.0.6)
    culerity (0.2.15)
    diff-lcs (1.1.3)
    dm-core (1.1.0)
      addressable (~> 2.2.4)
    dm-migrations (1.1.0)
      dm-core (~> 1.1.0)
    dm-serializer (1.1.0)
      dm-core (~> 1.1.0)
      fastercsv (~> 1.5.4)
      json (~> 1.4.6)
    dm-timestamps (1.1.0)
      dm-core (~> 1.1.0)
    dm-types (1.1.0)
      bcrypt-ruby (~> 2.1.4)
      dm-core (~> 1.1.0)
      fastercsv (~> 1.5.4)
      json (~> 1.4.6)
      stringex (~> 1.2.0)
      uuidtools (~> 2.1.2)
    fastercsv (1.5.4)
    ffi (1.0.9-java)
    git (1.2.5)
    haml (3.1.3)
    json (1.4.6-java)
    json_pure (1.4.6)
    mime-types (1.16)
    nokogiri (1.5.0-java)
    rack (1.3.4)
    rack-flash (0.1.2)
      rack
    rack-test (0.6.1)
      rack (>= 1.0)
    rake (0.9.2)
    rspec (2.5.0)
      rspec-core (~> 2.5.0)
      rspec-expectations (~> 2.5.0)
      rspec-mocks (~> 2.5.0)
    rspec-core (2.5.2)
    rspec-expectations (2.5.0)
      diff-lcs (~> 1.1.2)
    rspec-mocks (2.5.0)
    rubyzip (0.9.4)
    sass (3.1.10)
    selenium-webdriver (2.8.0)
      childprocess (>= 0.2.1)
      ffi (>= 1.0.7)
      json_pure
      rubyzip
    sinatra (1.2.7)
      rack (~> 1.1)
      tilt (>= 1.2.2, < 2.0)
    state_machine (1.0.2)
    stringex (1.2.2)
    thor (0.14.6)
    tilt (1.3.3)
    torquebox (2.x.incremental.508)
      torquebox-cache (= 2.x.incremental.508)
      torquebox-configure (= 2.x.incremental.508)
      torquebox-core (= 2.x.incremental.508)
      torquebox-messaging (= 2.x.incremental.508)
      torquebox-naming (= 2.x.incremental.508)
      torquebox-rake-support (= 2.x.incremental.508)
      torquebox-security (= 2.x.incremental.508)
      torquebox-stomp (= 2.x.incremental.508)
      torquebox-transactions (= 2.x.incremental.508)
      torquebox-vfs (= 2.x.incremental.508)
      torquebox-web (= 2.x.incremental.508)
    torquebox-cache (2.x.incremental.508-java)
      torquebox-core (= 2.x.incremental.508)
      torquebox-transactions (= 2.x.incremental.508)
    torquebox-configure (2.x.incremental.508-java)
      blankslate (= 2.1.2.4)
    torquebox-core (2.x.incremental.508-java)
    torquebox-messaging (2.x.incremental.508-java)
      torquebox-core (= 2.x.incremental.508)
      torquebox-transactions (= 2.x.incremental.508)
    torquebox-naming (2.x.incremental.508-java)
    torquebox-rake-support (2.x.incremental.508)
    torquebox-security (2.x.incremental.508-java)
      torquebox-core (= 2.x.incremental.508)
    torquebox-stomp (2.x.incremental.508)
      torquebox-core (= 2.x.incremental.508)
      torquebox-messaging (= 2.x.incremental.508)
    torquebox-transactions (2.x.incremental.508)
      torquebox-core (= 2.x.incremental.508)
    torquebox-vfs (2.x.incremental.508-java)
    torquebox-web (2.x.incremental.508-java)
    torquespec (0.4.2)
      json
      rspec
    uuidtools (2.1.2)
    xpath (0.1.4)
      nokogiri (~> 1.3)

PLATFORMS
  java

DEPENDENCIES
  addressable (~> 2.2.6)
  akephalos
  bundler
  capybara
  dm-core (~> 1.1)
  dm-migrations (~> 1.1)
  dm-serializer (~> 1.1)
  dm-timestamps (~> 1.1)
  dm-types (~> 1.1)
  git
  haml (~> 3.0)
  json_pure (~> 1.4.6)
  rack-flash (~> 0.1.1)
  rack-test
  rake
  rspec (~> 2.5.0)
  sass (~> 3.1)
  sinatra (~> 1.2.6)
  state_machine
  thor
  torquebox (~> 2.x.incremental)
  torquebox-cache (~> 2.x.incremental)
  torquebox-core (~> 2.x.incremental)
  torquebox-messaging (~> 2.x.incremental)
  torquebox-rake-support (~> 2.x.incremental)
  torquebox-security (~> 2.x.incremental)
  torquebox-vfs (~> 2.x.incremental)
  torquespec
