GEM
  remote: http://rubygems.org/
  remote: http://rubygems.torquebox.org/
  specs:
    addressable (2.2.4)
    backports (1.18.2)
    data_objects (0.10.3)
      addressable (~> 2.1)
    dm-core (1.0.2)
      addressable (~> 2.2)
      extlib (~> 0.9.15)
    dm-do-adapter (1.0.2)
      data_objects (~> 0.10.2)
      dm-core (~> 1.0.2)
    dm-migrations (1.0.2)
      dm-core (~> 1.0.2)
    dm-observer (1.0.2)
      dm-core (~> 1.0.2)
    dm-postgres-adapter (1.0.2)
      dm-do-adapter (~> 1.0.2)
      do_postgres (~> 0.10.2)
    dm-timestamps (1.0.2)
      dm-core (~> 1.0.2)
    do_jdbc (0.10.3-java)
      data_objects (= 0.10.3)
    do_postgres (0.10.3-java)
      data_objects (= 0.10.3)
      do_jdbc (= 0.10.3)
      jdbc-postgres (>= 8.2)
    extlib (0.9.15)
    git (1.2.5)
    haml (3.0.25)
    jdbc-postgres (9.0.801)
    json_pure (1.5.1)
    monkey-lib (0.5.4)
      backports
    rack (1.2.1)
    rack-flash (0.1.1)
      rack
    rake (0.8.7)
    sinatra (1.1.2)
      rack (~> 1.1)
      tilt (~> 1.2)
    sinatra-advanced-routes (0.5.1)
      monkey-lib (~> 0.5.0)
      sinatra (~> 1.0)
      sinatra-sugar (~> 0.5.0)
    sinatra-reloader (0.5.0)
      sinatra (~> 1.0)
      sinatra-advanced-routes (~> 0.5.0)
    sinatra-sugar (0.5.0)
      monkey-lib (~> 0.5.0)
      sinatra (~> 1.0)
    state_machine (0.9.4)
    tilt (1.2.2)
    torquebox-rake-support (1.0.0.CR1)

PLATFORMS
  java

DEPENDENCIES
  bundler
  dm-core
  dm-migrations
  dm-observer
  dm-postgres-adapter
  dm-timestamps
  git
  haml (~> 3.0)
  json_pure
  rack-flash (= 0.1.1)
  rake
  sinatra (= 1.1.2)
  sinatra-reloader (= 0.5.0)
  state_machine
  torquebox-rake-support (= 1.0.0.CR1)
